GEM
  remote: https://rubygems.org/
  specs:
    ffaker (2.2.0)
    parallel (1.9.0)
    rainbow (2.1.0)

PLATFORMS
  ruby

DEPENDENCIES
  ffaker
  parallel
  rainbow

BUNDLED WITH
   1.12.5
